GEM
  remote: https://gems.ruby-china.org/
  specs:
    qml (1.0.2)
    sqlite3 (1.3.11)

PLATFORMS
  ruby

DEPENDENCIES
  qml
  sqlite3

BUNDLED WITH
   1.11.2
